GEM
  remote: http://rubygems.org/
  specs:
    test-unit (2.5.1)

PLATFORMS
  ruby

DEPENDENCIES
  test-unit (= 2.5.1)
