GEM
  remote: http://rubygems.org/
  specs:
    shoulda-context (1.0.0)
    test-unit (2.5.1)

PLATFORMS
  ruby

DEPENDENCIES
  shoulda-context (= 1.0.0)
  test-unit (= 2.5.1)
