GEM
  remote: http://rubygems.org/
  specs:
    columnize (0.3.6)
    debugger (1.1.4)
      columnize (>= 0.3.1)
      debugger-linecache (~> 1.1.1)
      debugger-ruby_core_source (~> 1.1.3)
    debugger-linecache (1.1.2)
      debugger-ruby_core_source (>= 1.1.1)
    debugger-ruby_core_source (1.1.3)
    rubysdl (2.1.2)
    shoulda-context (1.0.0)
    test-unit (2.5.1)
    trollop (1.16.2)

PLATFORMS
  ruby

DEPENDENCIES
  debugger (= 1.1.4)
  rubysdl (= 2.1.2)
  shoulda-context (= 1.0.0)
  test-unit (= 2.5.1)
  trollop (= 1.16.2)
